GEM
  remote: https://rubygems.org/
  specs:
    concurrent-ruby (1.1.10)
    cpf_utils (1.3.1)
    faker (1.6.6)
      i18n (~> 0.5)
    i18n (0.9.5)
      concurrent-ruby (~> 1.0)
    lerolero_generator (1.0.1)

PLATFORMS
  ruby

DEPENDENCIES
  cpf_utils
  faker (~> 1.6.0)
  lerolero_generator

BUNDLED WITH
   1.17.3
